GEM
  remote: http://rubygems.org/
  specs:
    builder (3.0.0)
    daemons (1.1.9)
    eventmachine (0.12.10)
    haml (3.1.6)
    json (2.3.0)
    rack (1.6.12)
    rack-protection (1.5.5)
      rack
    sinatra (1.3.3)
      rack (~> 1.3, >= 1.3.6)
      rack-protection (~> 1.2)
      tilt (~> 1.3, >= 1.3.3)
    thin (1.4.1)
      daemons (>= 1.0.9)
      eventmachine (>= 0.12.6)
      rack (>= 1.0.0)
    tilt (1.3.3)

PLATFORMS
  ruby

DEPENDENCIES
  builder (~> 3.0.0)
  haml (~> 3.1.6)
  json (~> 2.3.0)
  sinatra (~> 1.3.3)
  thin (~> 1.4.1)
